GEM
  remote: https://rubygems.org/
  specs:
    minitest (5.10.3)

PLATFORMS
  ruby

DEPENDENCIES
  minitest

BUNDLED WITH
   1.16.0.pre.3
