GEM
  remote: https://rubygems.org/
  specs:
    cuba (3.8.1)
      rack (>= 1.6.0)
    rack (2.0.3)

PLATFORMS
  ruby

DEPENDENCIES
  cuba

BUNDLED WITH
   1.16.0.pre.3
